GIT
  remote: git@gitlab.com:la-manufacture/rocket/annotable.git
  revision: 5e75a14604041f57beac2fa96c76e2f03da592dc
  branch: master
  specs:
    annotable (0.1.2)

PATH
  remote: ../rocket
  specs:
    ductr (0.1.0)
      activejob (~> 7.0)
      colorize (~> 0.8)
      kiba (~> 4.0)
      rufus-scheduler (~> 3.8)
      thor (~> 1.2)
      zeitwerk (~> 2.6)

PATH
  remote: .
  specs:
    ductr-sqlite (0.1.1)
      sequel
      sqlite3

GEM
  remote: https://rubygems.org/
  specs:
    activejob (7.0.4)
      activesupport (= 7.0.4)
      globalid (>= 0.3.6)
    activesupport (7.0.4)
      concurrent-ruby (~> 1.0, >= 1.0.2)
      i18n (>= 1.6, < 2)
      minitest (>= 5.1)
      tzinfo (~> 2.0)
    ast (2.4.2)
    colorize (0.8.1)
    commander (4.6.0)
      highline (~> 2.0.0)
    concurrent-ruby (1.1.10)
    diff-lcs (1.5.0)
    docile (1.4.0)
    et-orbi (1.2.7)
      tzinfo
    fugit (1.7.2)
      et-orbi (~> 1, >= 1.2.7)
      raabro (~> 1.4)
    globalid (1.0.0)
      activesupport (>= 5.0)
    highline (2.0.3)
    i18n (1.12.0)
      concurrent-ruby (~> 1.0)
    json (2.6.2)
    kiba (4.0.0)
    minitest (5.16.3)
    parallel (1.22.1)
    parlour (5.0.0)
      commander (~> 4.5)
      parser
      rainbow (~> 3.0)
      sorbet-runtime (>= 0.5)
    parser (3.1.2.1)
      ast (~> 2.4.1)
    raabro (1.4.0)
    rainbow (3.1.1)
    rake (13.0.6)
    redcarpet (3.5.1)
    regexp_parser (2.6.0)
    rexml (3.2.5)
    rspec (3.12.0)
      rspec-core (~> 3.12.0)
      rspec-expectations (~> 3.12.0)
      rspec-mocks (~> 3.12.0)
    rspec-core (3.12.0)
      rspec-support (~> 3.12.0)
    rspec-expectations (3.12.0)
      diff-lcs (>= 1.2.0, < 2.0)
      rspec-support (~> 3.12.0)
    rspec-mocks (3.12.0)
      diff-lcs (>= 1.2.0, < 2.0)
      rspec-support (~> 3.12.0)
    rspec-support (3.12.0)
    rubocop (1.38.0)
      json (~> 2.3)
      parallel (~> 1.10)
      parser (>= 3.1.2.1)
      rainbow (>= 2.2.2, < 4.0)
      regexp_parser (>= 1.8, < 3.0)
      rexml (>= 3.2.5, < 4.0)
      rubocop-ast (>= 1.23.0, < 2.0)
      ruby-progressbar (~> 1.7)
      unicode-display_width (>= 1.4.0, < 3.0)
    rubocop-ast (1.23.0)
      parser (>= 3.1.1.0)
    rubocop-rspec (2.11.1)
      rubocop (~> 1.19)
    ruby-progressbar (1.11.0)
    rufus-scheduler (3.8.2)
      fugit (~> 1.1, >= 1.1.6)
    sequel (5.61.0)
    simplecov (0.21.2)
      docile (~> 1.1)
      simplecov-html (~> 0.11)
      simplecov_json_formatter (~> 0.1)
    simplecov-html (0.12.3)
    simplecov_json_formatter (0.1.4)
    sorbet-runtime (0.5.10184)
    sord (4.0.0)
      commander (~> 4.5)
      parlour (~> 5.0)
      sorbet-runtime
      yard
    sqlite3 (1.5.2-x86_64-linux)
    thor (1.2.1)
    tzinfo (2.0.5)
      concurrent-ruby (~> 1.0)
    unicode-display_width (2.3.0)
    webrick (1.7.0)
    yard (0.9.28)
      webrick (~> 1.7.0)
    zeitwerk (2.6.4)

PLATFORMS
  x86_64-linux

DEPENDENCIES
  annotable!
  ductr!
  ductr-sqlite!
  rake (~> 13.0)
  redcarpet (~> 3.5)
  rspec (~> 3.11)
  rubocop (~> 1.29)
  rubocop-rspec (~> 2.11)
  simplecov (~> 0.21)
  sord (~> 4.0)
  yard (~> 0.9)

BUNDLED WITH
   2.3.7
